GEM
  remote: http://rubygems.org/
  specs:
    builder (2.1.2)
    configuration (1.2.0)
    heroku (1.17.13)
      json (~> 1.4.6)
      launchy (~> 0.3.2)
      rest-client (>= 1.4.0, < 1.7.0)
    json (1.4.6)
    launchy (0.3.7)
      configuration (>= 0.0.5)
      rake (>= 0.8.1)
    mime-types (1.16)
    net-ssh (2.0.23)
    rack (1.2.1)
    rake (0.8.7)
    rdiscount (1.6.5)
    rest-client (1.6.1)
      mime-types (>= 1.16)
    toto (0.4.6)
      builder
      rack
      rdiscount

PLATFORMS
  ruby

DEPENDENCIES
  heroku
  net-ssh
  toto
